GEM
  remote: http://rubygems.org/
  specs:
    diff-lcs (1.1.3)
    gosu (0.7.41)
    rspec (2.8.0)
      rspec-core (~> 2.8.0)
      rspec-expectations (~> 2.8.0)
      rspec-mocks (~> 2.8.0)
    rspec-core (2.8.0)
    rspec-expectations (2.8.0)
      diff-lcs (~> 1.1.2)
    rspec-mocks (2.8.0)
    watchr (0.7)

PLATFORMS
  ruby

DEPENDENCIES
  gosu
  rspec
  watchr
