GEM
  remote: http://rubygems.org/
  specs:
    gosu (0.7.41)
    rake (0.9.2.2)
    watchr (0.7)

PLATFORMS
  ruby

DEPENDENCIES
  gosu
  rake
  watchr
