GEM
  remote: http://rubygems.org/
  specs:
    gosu (0.7.41)
    watchr (0.7)

PLATFORMS
  ruby

DEPENDENCIES
  gosu
  watchr
